GIT
  remote: git://github.com/zflat/color_name-i18n.git
  revision: 15d90452b0fab61ef73756a115fc719a0d22c54a
  specs:
    color_name-i18n (0.1.1)
      activemodel
      bundler (~> 1.2)
      i18n

GIT
  remote: git://github.com/zflat/iso_bsd-i18n.git
  revision: 6306ffcf9bbd774619a18f4ad4aa714e18bea7c1
  specs:
    iso_bsd-i18n (0.1.1)
      bundler (~> 1.2)
      i18n

PATH
  remote: .
  specs:
    select2-bikebinder (0.1.0)
      activesupport
      bundler (~> 1.2)

GEM
  remote: http://rubygems.org/
  specs:
    activemodel (3.2.9)
      activesupport (= 3.2.9)
      builder (~> 3.0.0)
    activesupport (3.2.9)
      i18n (~> 0.6)
      multi_json (~> 1.0)
    builder (3.0.4)
    diff-lcs (1.1.3)
    i18n (0.6.1)
    multi_json (1.5.0)
    rake (10.0.3)
    rspec (2.12.0)
      rspec-core (~> 2.12.0)
      rspec-expectations (~> 2.12.0)
      rspec-mocks (~> 2.12.0)
    rspec-core (2.12.1)
    rspec-expectations (2.12.0)
      diff-lcs (~> 1.1.3)
    rspec-mocks (2.12.0)

PLATFORMS
  ruby

DEPENDENCIES
  bundler (~> 1.2)
  color_name-i18n!
  iso_bsd-i18n!
  rake
  rspec (>= 1.3.0)
  select2-bikebinder!
