GIT
  remote: git://github.com/zflat/color_name-i18n.git
  revision: 42fd427827b9f041a5bada38e72d32edaeb0463d
  specs:
    color_name-i18n (0.1.2)
      activemodel
      bundler (~> 1.2)
      i18n

GIT
  remote: git://github.com/zflat/iso_bsd-i18n.git
  revision: 767f745fc586429206bff8f4473d91fdbe3a02aa
  specs:
    iso_bsd-i18n (0.1.2)
      bundler (~> 1.2)
      i18n

PATH
  remote: .
  specs:
    select2-bikebinder (0.1.1)
      activesupport
      bundler (~> 1.2)

GEM
  remote: http://rubygems.org/
  specs:
    activemodel (3.2.11)
      activesupport (= 3.2.11)
      builder (~> 3.0.0)
    activesupport (3.2.11)
      i18n (~> 0.6)
      multi_json (~> 1.0)
    builder (3.0.4)
    diff-lcs (1.1.3)
    i18n (0.6.1)
    multi_json (1.5.0)
    rake (10.0.3)
    rspec (2.12.0)
      rspec-core (~> 2.12.0)
      rspec-expectations (~> 2.12.0)
      rspec-mocks (~> 2.12.0)
    rspec-core (2.12.2)
    rspec-expectations (2.12.1)
      diff-lcs (~> 1.1.3)
    rspec-mocks (2.12.1)

PLATFORMS
  ruby

DEPENDENCIES
  bundler (~> 1.2)
  color_name-i18n!
  iso_bsd-i18n!
  rake
  rspec (>= 1.3.0)
  select2-bikebinder!
