PATH
  remote: .
  specs:
    select2-bikebinder (0.1.0)
      bundler (~> 1.2)
      iso_bsd-i18n

GEM
  remote: http://rubygems.org/
  specs:
    diff-lcs (1.1.3)
    i18n (0.6.1)
    i18n-spec (0.2.4)
      iso
    iso (0.0.5)
      i18n
    iso_bsd-i18n (0.1.0)
      bundler (~> 1.2)
      i18n
      i18n-spec
      json
      rspec (>= 1.3.0)
    json (1.7.5)
    rake (10.0.1)
    rspec (2.12.0)
      rspec-core (~> 2.12.0)
      rspec-expectations (~> 2.12.0)
      rspec-mocks (~> 2.12.0)
    rspec-core (2.12.0)
    rspec-expectations (2.12.0)
      diff-lcs (~> 1.1.3)
    rspec-mocks (2.12.0)

PLATFORMS
  ruby

DEPENDENCIES
  bundler (~> 1.2)
  iso_bsd-i18n
  rake
  rspec (>= 1.3.0)
  select2-bikebinder!
