PATH
  remote: .
  specs:
    select2-bikebinder (0.1.0)
      activesupport
      bundler (~> 1.2)
      color_name-i18n
      iso_bsd-i18n

GEM
  remote: http://rubygems.org/
  specs:
    activemodel (3.2.9)
      activesupport (= 3.2.9)
      builder (~> 3.0.0)
    activesupport (3.2.9)
      i18n (~> 0.6)
      multi_json (~> 1.0)
    builder (3.0.4)
    color_name-i18n (0.1.1)
      activemodel
      bundler (~> 1.2)
      i18n
    diff-lcs (1.1.3)
    i18n (0.6.1)
    iso_bsd-i18n (0.1.1)
      bundler (~> 1.2)
      i18n
    multi_json (1.3.7)
    rake (10.0.3)
    rspec (2.12.0)
      rspec-core (~> 2.12.0)
      rspec-expectations (~> 2.12.0)
      rspec-mocks (~> 2.12.0)
    rspec-core (2.12.1)
    rspec-expectations (2.12.0)
      diff-lcs (~> 1.1.3)
    rspec-mocks (2.12.0)

PLATFORMS
  ruby

DEPENDENCIES
  bundler (~> 1.2)
  rake
  rspec (>= 1.3.0)
  select2-bikebinder!
